GEM
  remote: https://rubygems.org/
  specs:
    algorithms (0.6.1)
    georuby (2.5.2)
    polaris (1.1.2)
      algorithms
    rack (1.6.8)
    rack-protection (1.5.3)
      rack
    sinatra (1.4.8)
      rack (~> 1.5)
      rack-protection (~> 1.4)
      tilt (>= 1.3, < 3)
    tilt (2.0.8)

PLATFORMS
  ruby

DEPENDENCIES
  georuby
  polaris
  sinatra

BUNDLED WITH
   1.16.1
